GEM
  remote: https://rubygems.org/
  specs:
    dotenv (1.0.2)
    httparty (0.13.3)
      json (~> 1.8)
      multi_xml (>= 0.5.2)
    itunes-search-api (0.1.0)
      httparty
    json (1.8.2)
    multi_xml (0.5.5)
    taglib-ruby (0.7.0)

PLATFORMS
  ruby

DEPENDENCIES
  dotenv
  itunes-search-api
  taglib-ruby
