GEM
  remote: https://rubygems.org/
  specs:
    addressable (2.3.6)
    beatport (0.2.2)
      addressable
      faraday (~> 0.8.8)
      money (~> 5.1.1)
      signet
    faraday (0.8.9)
      multipart-post (~> 1.2.0)
    i18n (0.6.11)
    jwt (1.2.1)
    money (5.1.1)
      i18n (~> 0.6.0)
    multi_json (1.10.1)
    multipart-post (1.2.0)
    signet (0.4.5)
      addressable (>= 2.2.3)
      faraday (~> 0.8.1)
      jwt (>= 0.1.5)
      multi_json (>= 1.0.0)

PLATFORMS
  ruby

DEPENDENCIES
  beatport
